GIT
  remote: git://github.com/odorcicd/authlogic.git
  revision: a087ad0cba3c165ba22fcf176c28b6f7517931e8
  branch: rails3
  specs:
    authlogic (2.1.3)
      activesupport

GIT
  remote: http://github.com/TrevorBurnham/barista_growl.git
  revision: 4d52084c5e0fd0d040e2da2e8b65d8344ce36672
  specs:
    barista_growl (0.1.0)
      barista
      growl

GEM
  remote: http://rubygems.org/
  specs:
    abstract (1.0.0)
    actionmailer (3.0.7)
      actionpack (= 3.0.7)
      mail (~> 2.2.15)
    actionpack (3.0.7)
      activemodel (= 3.0.7)
      activesupport (= 3.0.7)
      builder (~> 2.1.2)
      erubis (~> 2.6.6)
      i18n (~> 0.5.0)
      rack (~> 1.2.1)
      rack-mount (~> 0.6.14)
      rack-test (~> 0.5.7)
      tzinfo (~> 0.3.23)
    activemodel (3.0.7)
      activesupport (= 3.0.7)
      builder (~> 2.1.2)
      i18n (~> 0.5.0)
    activerecord (3.0.7)
      activemodel (= 3.0.7)
      activesupport (= 3.0.7)
      arel (~> 2.0.2)
      tzinfo (~> 0.3.23)
    activeresource (3.0.7)
      activemodel (= 3.0.7)
      activesupport (= 3.0.7)
    activesupport (3.0.7)
    arel (2.0.10)
    barista (1.0.0)
      coffee-script (~> 2.1.1)
    builder (2.1.2)
    coffee-script (2.1.3)
      coffee-script-source
    coffee-script-source (1.1.1)
    erubis (2.6.6)
      abstract (>= 1.0.0)
    formtastic (1.2.3)
      actionpack (>= 2.3.7)
      activesupport (>= 2.3.7)
      i18n (~> 0.4)
    growl (1.0.3)
    i18n (0.5.0)
    mail (2.2.19)
      activesupport (>= 2.3.6)
      i18n (>= 0.4.0)
      mime-types (~> 1.16)
      treetop (~> 1.4.8)
    mime-types (1.16)
    polyglot (0.3.1)
    rack (1.2.2)
    rack-mount (0.6.14)
      rack (>= 1.0.0)
    rack-test (0.5.7)
      rack (>= 1.0)
    rails (3.0.7)
      actionmailer (= 3.0.7)
      actionpack (= 3.0.7)
      activerecord (= 3.0.7)
      activeresource (= 3.0.7)
      activesupport (= 3.0.7)
      bundler (~> 1.0)
      railties (= 3.0.7)
    rails3-generators (0.17.4)
      railties (>= 3.0.0)
    railties (3.0.7)
      actionpack (= 3.0.7)
      activesupport (= 3.0.7)
      rake (>= 0.8.7)
      thor (~> 0.14.4)
    rake (0.8.7)
    sass (3.1.1)
    slim (0.9.3)
      temple (~> 0.3.0)
      tilt (~> 1.2)
    slim-rails (0.2.1)
      slim (>= 0.9.2)
    sqlite3 (1.3.3)
    temple (0.3.0)
    thor (0.14.6)
    tilt (1.3)
    treetop (1.4.9)
      polyglot (>= 0.3.1)
    tzinfo (0.3.27)

PLATFORMS
  ruby

DEPENDENCIES
  authlogic!
  barista
  barista_growl!
  formtastic
  rails (= 3.0.7)
  rails3-generators
  rake
  sass
  slim
  slim-rails
  sqlite3
